GEM
  specs:
    multi_json (1.3.6)
    pusher (0.9.4)
      multi_json (~> 1.0)
      signature (~> 0.1.2)
    signature (0.1.3)

PLATFORMS
  ruby

DEPENDENCIES
  pusher
